GEM
  remote: http://rubygems.org/
  specs:
    bindata (1.3.1)
    bzip2-ruby (0.2.7)
    git (1.2.5)
    jeweler (1.5.2)
      bundler (~> 1.0.0)
      git (>= 1.2.5)
      rake
    rake (0.8.7)

PLATFORMS
  ruby

DEPENDENCIES
  bindata (~> 1.3.1)
  bundler (~> 1.0.0)
  bzip2-ruby (~> 0.2.7)
  jeweler (~> 1.5.2)
